PATH
  remote: .
  specs:
    edgecast_api (0.0.1)
      httparty

GEM
  remote: http://rubygems.org/
  specs:
    httparty (0.8.3)
      multi_json (~> 1.0)
      multi_xml
    multi_json (1.3.5)
    multi_xml (0.5.1)

PLATFORMS
  ruby

DEPENDENCIES
  edgecast_api!
  httparty
