PATH
  remote: .
  specs:
    edgecast_api (0.0.1)
      httparty

GEM
  remote: http://rubygems.org/
  specs:
    httparty (0.17.1)
      mime-types (~> 3.0)
      multi_xml (>= 0.5.2)
    mime-types (3.3)
      mime-types-data (~> 3.2015)
    mime-types-data (3.2019.1009)
    multi_xml (0.6.0)

PLATFORMS
  ruby

DEPENDENCIES
  edgecast_api!
