PATH
  remote: .
  specs:
    edgecast_api (0.0.1)
      httparty

GEM
  remote: http://rubygems.org/
  specs:
    httparty (0.21.0)
      mini_mime (>= 1.0.0)
      multi_xml (>= 0.5.2)
    mini_mime (1.1.2)
    multi_xml (0.6.0)

PLATFORMS
  ruby

DEPENDENCIES
  edgecast_api!

BUNDLED WITH
   1.16.4
